GEM
  remote: https://rubygems.org/
  specs:
    actionmailer (4.1.10)
      actionpack (= 4.1.10)
      actionview (= 4.1.10)
      mail (~> 2.5, >= 2.5.4)
    actionpack (4.1.10)
      actionview (= 4.1.10)
      activesupport (= 4.1.10)
      rack (~> 1.5.2)
      rack-test (~> 0.6.2)
    actionview (4.1.10)
      activesupport (= 4.1.10)
      builder (~> 3.1)
      erubis (~> 2.7.0)
    activemodel (4.1.10)
      activesupport (= 4.1.10)
      builder (~> 3.1)
    activerecord (4.1.10)
      activemodel (= 4.1.10)
      activesupport (= 4.1.10)
      arel (~> 5.0.0)
    activesupport (4.1.10)
      i18n (~> 0.6, >= 0.6.9)
      json (~> 1.7, >= 1.7.7)
      minitest (~> 5.1)
      thread_safe (~> 0.1)
      tzinfo (~> 1.1)
    annotate (2.6.8)
      activerecord (>= 3.2, <= 4.3)
      rake (~> 10.4)
    arel (5.0.1.20140414130214)
    bcrypt (3.1.10)
    better_errors (1.1.0)
      coderay (>= 1.0.0)
      erubis (>= 2.6.6)
    binding_of_caller (0.7.2)
      debug_inspector (>= 0.0.1)
    builder (3.2.2)
    bullet (4.13.2)
      activesupport (>= 3.0.0)
      uniform_notifier (>= 1.6.0)
    coderay (1.1.0)
    coffee-rails (4.1.0)
      coffee-script (>= 2.2.0)
      railties (>= 4.0.0, < 5.0)
    coffee-script (2.3.0)
      coffee-script-source
      execjs
    coffee-script-source (1.9.1)
    daemons (1.2.2)
    debug_inspector (0.0.2)
    diff-lcs (1.2.5)
    ejs (1.1.1)
    erubis (2.7.0)
    eventmachine (1.0.7)
    execjs (2.4.0)
    google-analytics-rails (0.0.6)
    hike (1.2.3)
    i18n (0.7.0)
    jbuilder (2.1.3)
      activesupport (>= 3.0.0, < 5)
      multi_json (~> 1.2)
    jquery-rails (3.1.2)
      railties (>= 3.0, < 5.0)
      thor (>= 0.14, < 2.0)
    json (1.8.2)
    lol_dba (1.6.7)
      actionpack (>= 3.0, < 5.0)
      activerecord (>= 3.0, < 5.0)
      railties (>= 3.0, < 5.0)
    mail (2.6.3)
      mime-types (>= 1.16, < 3)
    method_source (0.8.2)
    mime-types (2.4.3)
    minitest (5.5.1)
    multi_json (1.11.0)
    pg (0.17.1)
    pry (0.10.1)
      coderay (~> 1.1.0)
      method_source (~> 0.8.1)
      slop (~> 3.4)
    pry-rails (0.3.3)
      pry (>= 0.9.10)
    quiet_assets (1.0.3)
      railties (>= 3.1, < 5.0)
    rack (1.5.2)
    rack-mini-profiler (0.9.3)
      rack (>= 1.1.3)
    rack-test (0.6.3)
      rack (>= 1.0)
    rails (4.1.10)
      actionmailer (= 4.1.10)
      actionpack (= 4.1.10)
      actionview (= 4.1.10)
      activemodel (= 4.1.10)
      activerecord (= 4.1.10)
      activesupport (= 4.1.10)
      bundler (>= 1.3.0, < 2.0)
      railties (= 4.1.10)
      sprockets-rails (~> 2.0)
    rails_12factor (0.0.3)
      rails_serve_static_assets
      rails_stdout_logging
    rails_serve_static_assets (0.0.4)
    rails_stdout_logging (0.0.3)
    railties (4.1.10)
      actionpack (= 4.1.10)
      activesupport (= 4.1.10)
      rake (>= 0.8.7)
      thor (>= 0.18.1, < 2.0)
    rake (10.4.2)
    redcarpet (3.1.2)
    rspec-core (3.0.4)
      rspec-support (~> 3.0.0)
    rspec-expectations (3.0.4)
      diff-lcs (>= 1.2.0, < 2.0)
      rspec-support (~> 3.0.0)
    rspec-mocks (3.0.4)
      rspec-support (~> 3.0.0)
    rspec-rails (3.0.2)
      actionpack (>= 3.0)
      activesupport (>= 3.0)
      railties (>= 3.0)
      rspec-core (~> 3.0.0)
      rspec-expectations (~> 3.0.0)
      rspec-mocks (~> 3.0.0)
      rspec-support (~> 3.0.0)
    rspec-support (3.0.4)
    sass (3.3.14)
    slop (3.6.0)
    spring (1.1.3)
    sprockets (2.12.3)
      hike (~> 1.2)
      multi_json (~> 1.0)
      rack (~> 1.0)
      tilt (~> 1.1, != 1.3.0)
    sprockets-rails (2.2.4)
      actionpack (>= 3.0)
      activesupport (>= 3.0)
      sprockets (>= 2.8, < 4.0)
    thin (1.6.3)
      daemons (~> 1.0, >= 1.0.9)
      eventmachine (~> 1.0)
      rack (~> 1.0)
    thor (0.19.1)
    thread_safe (0.3.5)
    tilt (1.4.1)
    turbolinks (2.2.3)
      coffee-rails
    tzinfo (1.2.2)
      thread_safe (~> 0.1)
    uglifier (2.5.3)
      execjs (>= 0.3.0)
      json (>= 1.8.0)
    uniform_notifier (1.8.0)

PLATFORMS
  ruby

DEPENDENCIES
  annotate (~> 2.6.0)
  bcrypt (> 3.1.0)
  better_errors (~> 1.1.0)
  binding_of_caller (~> 0.7.0)
  bullet (~> 4.13.0)
  ejs (~> 1.1.0)
  google-analytics-rails (~> 0.0.0)
  jbuilder (~> 2.1.0)
  jquery-rails (~> 3.1.0)
  lol_dba (~> 1.6.0)
  pg (~> 0.17.0)
  pry-rails (~> 0.3.0)
  quiet_assets (~> 1.0.0)
  rack-mini-profiler (~> 0.9.0)
  rails (~> 4.1.0)
  rails_12factor (~> 0.0.0)
  redcarpet (~> 3.1.0)
  rspec-rails (~> 3.0.0)
  sass (~> 3.3.0)
  spring (~> 1.1.0)
  thin (~> 1.6.0)
  turbolinks (~> 2.2.0)
  uglifier (~> 2.5.0)
